GEM
  remote: https://rubygems.org/
  specs:
    bson (4.6.0)
    byebug (11.0.1)
    cli-ui (1.3.0)
    mongo (2.11.2)
      bson (>= 4.6.0, < 5.0.0)
    rss (0.2.8)

PLATFORMS
  ruby

DEPENDENCIES
  byebug
  cli-ui
  mongo
  rss (= 0.2.8)

BUNDLED WITH
   2.0.2
